GEM
  remote: https://rubygems.org/
  specs:
    bson (1.12.5-java)
    mongo (1.12.5)
      bson (= 1.12.5)

PLATFORMS
  java

DEPENDENCIES
  mongo (~> 1.0)

BUNDLED WITH
   2.0.1
